GEM
  remote: http://rubygems.org/
  specs:
    ZenTest (4.8.0)
    activesupport (3.2.11)
      i18n (~> 0.6)
      multi_json (~> 1.0)
    builder (3.1.4)
    ci_reporter (1.7.3)
      builder (>= 2.1.2)
    diff-lcs (1.1.3)
    em-proxy (0.1.7)
      eventmachine
    eventmachine (1.0.0)
    hoe (3.0.3)
      rake (~> 0.8)
    hoe-bundler (1.1.0)
      hoe (>= 2.2.0)
    hoe-gemspec (1.0.0)
      hoe (>= 2.2.0)
    hoe-git (1.5.0)
      hoe (>= 2.2.0)
    i18n (0.6.1)
    json (1.6.6)
    multi_json (1.3.6)
    rake (0.9.2.2)
    rdoc (3.12)
      json (~> 1.4)
    rspec (2.11.0)
      rspec-core (~> 2.11.0)
      rspec-expectations (~> 2.11.0)
      rspec-mocks (~> 2.11.0)
    rspec-core (2.11.1)
    rspec-expectations (2.11.3)
      diff-lcs (~> 1.1.3)
    rspec-given (1.5.0)
      rspec (> 1.2.8)
    rspec-mocks (2.11.3)
    simplecov (0.6.4)
      multi_json (~> 1.0)
      simplecov-html (~> 0.5.3)
    simplecov-html (0.5.3)

PLATFORMS
  ruby

DEPENDENCIES
  ZenTest (~> 4.8.0)
  activesupport (~> 3.0)
  ci_reporter (~> 1.7.0)
  em-proxy (~> 0.1.0)
  hoe (~> 3.0)
  hoe-bundler (~> 1.1.0)
  hoe-gemspec (~> 1.0.0)
  hoe-git (~> 1.5.0)
  rdoc (~> 3.10)
  rspec (~> 2.11.0)
  rspec-given (~> 1.0)
  simplecov (~> 0.6.0)
